GEM
  remote: https://rubygems.org/
  specs:
    serialport (1.2.1)

PLATFORMS
  ruby

DEPENDENCIES
  serialport
